GEM
  remote: https://rubygems.org/
  specs:
    gamespy_query (0.1.5)

PLATFORMS
  x86-mingw32

DEPENDENCIES
  gamespy_query
